PATH
  remote: .
  specs:
    codecov_opentelem (0.1.5)

GEM
  remote: https://rubygems.org/
  specs:
    diff-lcs (1.5.0)
    google-protobuf (3.21.1-x86_64-darwin)
    googleapis-common-protos-types (1.3.1)
      google-protobuf (~> 3.14)
    opentelemetry-api (1.0.2)
    opentelemetry-common (0.19.6)
      opentelemetry-api (~> 1.0)
    opentelemetry-exporter-otlp (0.22.0)
      google-protobuf (~> 3.19)
      googleapis-common-protos-types (~> 1.3)
      opentelemetry-api (~> 1.0)
      opentelemetry-common (~> 0.19.6)
      opentelemetry-sdk (~> 1.0)
      opentelemetry-semantic_conventions
    opentelemetry-instrumentation-action_pack (0.2.0)
      opentelemetry-api (~> 1.0)
      opentelemetry-instrumentation-base (~> 0.21.0)
      opentelemetry-instrumentation-rack (~> 0.21.0)
    opentelemetry-instrumentation-action_view (0.3.0)
      opentelemetry-api (~> 1.0)
      opentelemetry-instrumentation-active_support (~> 0.1)
      opentelemetry-instrumentation-base (~> 0.20)
    opentelemetry-instrumentation-active_job (0.3.0)
      opentelemetry-api (~> 1.0)
      opentelemetry-instrumentation-base (~> 0.21.0)
    opentelemetry-instrumentation-active_model_serializers (0.19.0)
      opentelemetry-api (~> 1.0)
      opentelemetry-instrumentation-base (~> 0.21.0)
    opentelemetry-instrumentation-active_record (0.4.0)
      opentelemetry-api (~> 1.0)
      opentelemetry-instrumentation-base (~> 0.21.0)
      ruby2_keywords
    opentelemetry-instrumentation-active_support (0.2.0)
      opentelemetry-api (~> 1.0)
      opentelemetry-instrumentation-base (~> 0.21.0)
    opentelemetry-instrumentation-all (0.25.0)
      opentelemetry-instrumentation-action_pack (~> 0.2.0)
      opentelemetry-instrumentation-action_view (~> 0.3.0)
      opentelemetry-instrumentation-active_job (~> 0.3.0)
      opentelemetry-instrumentation-active_model_serializers (~> 0.19.0)
      opentelemetry-instrumentation-active_record (~> 0.4.0)
      opentelemetry-instrumentation-active_support (~> 0.2.0)
      opentelemetry-instrumentation-aws_sdk (~> 0.3.0)
      opentelemetry-instrumentation-bunny (~> 0.19.0)
      opentelemetry-instrumentation-concurrent_ruby (~> 0.20.0)
      opentelemetry-instrumentation-dalli (~> 0.22.0)
      opentelemetry-instrumentation-delayed_job (~> 0.19.0)
      opentelemetry-instrumentation-ethon (~> 0.20.0)
      opentelemetry-instrumentation-excon (~> 0.20.0)
      opentelemetry-instrumentation-faraday (~> 0.21.0)
      opentelemetry-instrumentation-graphql (~> 0.20.0)
      opentelemetry-instrumentation-http (~> 0.20.0)
      opentelemetry-instrumentation-http_client (~> 0.20.0)
      opentelemetry-instrumentation-koala (~> 0.19.0)
      opentelemetry-instrumentation-lmdb (~> 0.21.0)
      opentelemetry-instrumentation-mongo (~> 0.20.0)
      opentelemetry-instrumentation-mysql2 (~> 0.21.0)
      opentelemetry-instrumentation-net_http (~> 0.20.0)
      opentelemetry-instrumentation-pg (~> 0.21.0)
      opentelemetry-instrumentation-que (~> 0.4.0)
      opentelemetry-instrumentation-rack (~> 0.21.0)
      opentelemetry-instrumentation-rails (~> 0.22.0)
      opentelemetry-instrumentation-rdkafka (~> 0.2.0)
      opentelemetry-instrumentation-redis (~> 0.23.0)
      opentelemetry-instrumentation-resque (~> 0.3.0)
      opentelemetry-instrumentation-restclient (~> 0.20.0)
      opentelemetry-instrumentation-ruby_kafka (~> 0.19.0)
      opentelemetry-instrumentation-sidekiq (~> 0.22.0)
      opentelemetry-instrumentation-sinatra (~> 0.20.0)
      opentelemetry-instrumentation-trilogy (~> 0.51.0)
    opentelemetry-instrumentation-aws_sdk (0.3.0)
      opentelemetry-api (~> 1.0)
      opentelemetry-instrumentation-base (~> 0.21.0)
    opentelemetry-instrumentation-base (0.21.0)
      opentelemetry-api (~> 1.0)
      opentelemetry-registry (~> 0.1)
    opentelemetry-instrumentation-bunny (0.19.0)
      opentelemetry-api (~> 1.0)
      opentelemetry-instrumentation-base (~> 0.21.0)
    opentelemetry-instrumentation-concurrent_ruby (0.20.0)
      opentelemetry-api (~> 1.0)
      opentelemetry-instrumentation-base (~> 0.21.0)
    opentelemetry-instrumentation-dalli (0.22.0)
      opentelemetry-api (~> 1.0)
      opentelemetry-common (~> 0.19.3)
      opentelemetry-instrumentation-base (~> 0.21.0)
    opentelemetry-instrumentation-delayed_job (0.19.0)
      opentelemetry-api (~> 1.0)
      opentelemetry-instrumentation-base (~> 0.21.0)
    opentelemetry-instrumentation-ethon (0.20.0)
      opentelemetry-api (~> 1.0)
      opentelemetry-common (~> 0.19.3)
      opentelemetry-instrumentation-base (~> 0.21.0)
    opentelemetry-instrumentation-excon (0.20.0)
      opentelemetry-api (~> 1.0)
      opentelemetry-common (~> 0.19.3)
      opentelemetry-instrumentation-base (~> 0.21.0)
    opentelemetry-instrumentation-faraday (0.21.0)
      opentelemetry-api (~> 1.0)
      opentelemetry-common (~> 0.19.3)
      opentelemetry-instrumentation-base (~> 0.21.0)
    opentelemetry-instrumentation-graphql (0.20.0)
      opentelemetry-api (~> 1.0)
      opentelemetry-instrumentation-base (~> 0.21.0)
    opentelemetry-instrumentation-http (0.20.0)
      opentelemetry-api (~> 1.0)
      opentelemetry-instrumentation-base (~> 0.21.0)
    opentelemetry-instrumentation-http_client (0.20.0)
      opentelemetry-api (~> 1.0)
      opentelemetry-common (~> 0.19.3)
      opentelemetry-instrumentation-base (~> 0.21.0)
    opentelemetry-instrumentation-koala (0.19.0)
      opentelemetry-api (~> 1.0)
      opentelemetry-common (~> 0.19.3)
      opentelemetry-instrumentation-base (~> 0.21.0)
    opentelemetry-instrumentation-lmdb (0.21.0)
      opentelemetry-api (~> 1.0)
      opentelemetry-instrumentation-base (~> 0.21.0)
    opentelemetry-instrumentation-mongo (0.20.0)
      opentelemetry-api (~> 1.0)
      opentelemetry-instrumentation-base (~> 0.21.0)
    opentelemetry-instrumentation-mysql2 (0.21.0)
      opentelemetry-api (~> 1.0)
      opentelemetry-instrumentation-base (~> 0.21.0)
    opentelemetry-instrumentation-net_http (0.20.0)
      opentelemetry-api (~> 1.0)
      opentelemetry-common (~> 0.19.3)
      opentelemetry-instrumentation-base (~> 0.21.0)
    opentelemetry-instrumentation-pg (0.21.0)
      opentelemetry-api (~> 1.0)
      opentelemetry-instrumentation-base (~> 0.21.0)
    opentelemetry-instrumentation-que (0.4.0)
      opentelemetry-api (~> 1.0)
      opentelemetry-instrumentation-base (~> 0.21.0)
    opentelemetry-instrumentation-rack (0.21.0)
      opentelemetry-api (~> 1.0)
      opentelemetry-common (~> 0.19.3)
      opentelemetry-instrumentation-base (~> 0.21.0)
    opentelemetry-instrumentation-rails (0.22.0)
      opentelemetry-api (~> 1.0)
      opentelemetry-instrumentation-action_pack (~> 0.2.0)
      opentelemetry-instrumentation-action_view (~> 0.3.0)
      opentelemetry-instrumentation-active_record (~> 0.4.0)
      opentelemetry-instrumentation-active_support (~> 0.2.0)
      opentelemetry-instrumentation-base (~> 0.21.0)
    opentelemetry-instrumentation-rdkafka (0.2.0)
      opentelemetry-api (~> 1.0.0)
      opentelemetry-common (~> 0.19.3)
      opentelemetry-instrumentation-base (~> 0.21.0)
    opentelemetry-instrumentation-redis (0.23.0)
      opentelemetry-api (~> 1.0)
      opentelemetry-common (~> 0.19.3)
      opentelemetry-instrumentation-base (~> 0.21.0)
    opentelemetry-instrumentation-resque (0.3.0)
      opentelemetry-api (~> 1.0)
      opentelemetry-instrumentation-base (~> 0.21.0)
    opentelemetry-instrumentation-restclient (0.20.0)
      opentelemetry-api (~> 1.0)
      opentelemetry-common (~> 0.19.3)
      opentelemetry-instrumentation-base (~> 0.21.0)
    opentelemetry-instrumentation-ruby_kafka (0.19.0)
      opentelemetry-api (~> 1.0)
      opentelemetry-instrumentation-base (~> 0.21.0)
    opentelemetry-instrumentation-sidekiq (0.22.0)
      opentelemetry-api (~> 1.0)
      opentelemetry-common (~> 0.19.3)
      opentelemetry-instrumentation-base (~> 0.21.0)
    opentelemetry-instrumentation-sinatra (0.20.0)
      opentelemetry-api (~> 1.0)
      opentelemetry-common (~> 0.19.3)
      opentelemetry-instrumentation-base (~> 0.21.0)
    opentelemetry-instrumentation-trilogy (0.51.0)
      opentelemetry-api (~> 1.0)
      opentelemetry-instrumentation-base (~> 0.21.0)
      opentelemetry-semantic_conventions (>= 1.8.0)
    opentelemetry-registry (0.1.0)
      opentelemetry-api (~> 1.0.1)
    opentelemetry-sdk (1.1.0)
      opentelemetry-api (~> 1.0)
      opentelemetry-common (~> 0.19.3)
      opentelemetry-registry (~> 0.1)
      opentelemetry-semantic_conventions
    opentelemetry-semantic_conventions (1.8.0)
      opentelemetry-api (~> 1.0)
    rake (13.0.6)
    rspec (3.11.0)
      rspec-core (~> 3.11.0)
      rspec-expectations (~> 3.11.0)
      rspec-mocks (~> 3.11.0)
    rspec-core (3.11.0)
      rspec-support (~> 3.11.0)
    rspec-expectations (3.11.0)
      diff-lcs (>= 1.2.0, < 2.0)
      rspec-support (~> 3.11.0)
    rspec-mocks (3.11.1)
      diff-lcs (>= 1.2.0, < 2.0)
      rspec-support (~> 3.11.0)
    rspec-support (3.11.0)
    ruby2_keywords (0.0.5)

PLATFORMS
  x86_64-darwin-21

DEPENDENCIES
  codecov_opentelem!
  opentelemetry-exporter-otlp
  opentelemetry-instrumentation-all
  opentelemetry-sdk
  rake (~> 13.0)
  rspec

BUNDLED WITH
   2.3.16
